GIT
  remote: git://github.com/puma/puma.git
  revision: cc91b6cd511787b3a6d37df7c89d45facadef75f
  specs:
    puma (2.0.0.b7)
      rack (>= 1.1, < 2.0)

GIT
  remote: git://github.com/rack/rack.git
  revision: a2101458b8dad737aee7c80b4af23d45861649df
  specs:
    rack (1.6.0.alpha)

PATH
  remote: .
  specs:
    crepe (0.0.1.pre)
      activesupport (>= 4.0.0.beta1)
      rack (~> 1.5.x)
      rack-mount (~> 0.8.x)

GEM
  remote: https://rubygems.org/
  specs:
    activesupport (4.0.0.beta1)
      i18n (~> 0.6.2)
      minitest (~> 4.2)
      multi_json (~> 1.3)
      thread_safe (~> 0.1)
      tzinfo (~> 0.3.33)
    atomic (1.1.7)
    cane (2.5.2)
      parallel
    diff-lcs (1.2.3)
    i18n (0.6.4)
    minitest (4.7.1)
    multi_json (1.7.2)
    multi_xml (0.5.3)
    parallel (0.6.4)
    rack-mount (0.8.3)
      rack (>= 1.0.0)
    rack-test (0.6.2)
      rack (>= 1.0)
    rake (10.0.4)
    rspec (2.13.0)
      rspec-core (~> 2.13.0)
      rspec-expectations (~> 2.13.0)
      rspec-mocks (~> 2.13.0)
    rspec-core (2.13.1)
    rspec-expectations (2.13.0)
      diff-lcs (>= 1.1.3, < 2.0)
    rspec-mocks (2.13.1)
    thread_safe (0.1.0)
      atomic
    tilt (1.3.7)
    tzinfo (0.3.37)

PLATFORMS
  ruby

DEPENDENCIES
  cane (~> 2.3.x)
  crepe!
  multi_json (~> 1.6.x)
  multi_xml (~> 0.5.x)
  puma!
  rack!
  rack-test (~> 0.6.x)
  rake (~> 10.0.x)
  rspec (~> 2.13.x)
  tilt (~> 1.3.x)
